GEM
  remote: http://rubygems.org/
  specs:
    actionmailer (2.3.15)
      actionpack (= 2.3.15)
    actionpack (2.3.15)
      activesupport (= 2.3.15)
      rack (~> 1.1.3)
    activerecord (2.3.15)
      activesupport (= 2.3.15)
    activeresource (2.3.15)
      activesupport (= 2.3.15)
    activesupport (2.3.15)
    coffee-script (2.2.0)
      coffee-script-source
      execjs
    coffee-script-source (1.4.0)
    execjs (1.4.0)
      multi_json (~> 1.0)
    hike (1.2.1)
    multi_json (1.5.0)
    rack (1.1.4)
    rails (2.3.15)
      actionmailer (= 2.3.15)
      actionpack (= 2.3.15)
      activerecord (= 2.3.15)
      activeresource (= 2.3.15)
      activesupport (= 2.3.15)
      rake (>= 0.8.3)
    rails2_asset_pipeline (0.2.0)
      sprockets
    rake (10.0.3)
    sass (3.2.5)
    sprockets (2.8.2)
      hike (~> 1.2)
      multi_json (~> 1.0)
      rack (~> 1.0)
      tilt (~> 1.1, != 1.3.0)
    sprockets-sass (0.9.1)
      sprockets (~> 2.0)
      tilt (~> 1.1)
    sqlite3 (1.3.6)
    tilt (1.3.3)

PLATFORMS
  ruby

DEPENDENCIES
  coffee-script
  rails (~> 2.3.15)
  rails2_asset_pipeline
  sass
  sprockets-sass
  sqlite3
